ObjectType = Image
NDims = 3
BinaryData = True
BinaryDataByteOrderMSB = False
CompressedData = False
TransformMatrix = 1 0 0 0 1 0 0 0 1
Offset = -147 -245 -833
CenterOfRotation = 0 0 0
ElementSpacing = 6 10 34
DimSize = 50 50 50
AnatomicalOrientation = ???
ElementType = MET_FLOAT
ElementDataFile = 3d-fluoroscopy-Edep.raw
